PATH
  remote: .
  specs:
    rails-erd (1.1.0.rails.2)
      activerecord (~> 2.3)
      activesupport (~> 2.3)
      choice (~> 0.1.6)
      ruby-graphviz (~> 1.0.4)

GEM
  remote: http://rubygems.org/
  specs:
    activerecord (2.3.15)
      activesupport (= 2.3.15)
    activerecord-jdbc-adapter (1.2.5)
    activerecord-jdbcsqlite3-adapter (1.2.5)
      activerecord-jdbc-adapter (~> 1.2.5)
      jdbc-sqlite3 (~> 3.7.2)
    activesupport (2.3.15)
    bouncy-castle-java (1.5.0146.1)
    choice (0.1.6)
    jdbc-sqlite3 (3.7.2)
    jruby-openssl (0.8.2)
      bouncy-castle-java (>= 1.5.0146.1)
    rake (10.0.3)
    redcarpet (2.2.2)
    ruby-graphviz (1.0.8)
    sqlite3 (1.3.7)
    yard (0.8.3)

PLATFORMS
  java
  ruby

DEPENDENCIES
  activerecord-jdbcsqlite3-adapter
  jruby-openssl
  rails-erd!
  rake
  redcarpet
  sqlite3
  yard
